GEM
  remote: https://rubygems.org/
  specs:
    commander (4.2.0)
      highline (~> 1.6.11)
    ethon (0.5.12)
      ffi (>= 1.3.0)
      mime-types (~> 1.18)
    ffi (1.9.0)
    highline (1.6.21)
    mime-types (1.25)
    mixpanel_client (3.1.2)
      typhoeus (~> 0.5.4)
    rack (1.5.2)
    sinatra (1.1.0)
      rack (~> 1.1)
      tilt (~> 1.1)
    tilt (1.4.1)
    typhoeus (0.5.4)
      ethon (~> 0.5.7)

PLATFORMS
  ruby

DEPENDENCIES
  commander
  mixpanel_client
  sinatra (= 1.1.0)
